PATH
  remote: .
  specs:
    m (1.5.1)
      method_source (>= 0.6.7)
      rake (>= 0.9.2.2)

GEM
  remote: https://rubygems.org/
  specs:
    activesupport (4.0.13)
      i18n (~> 0.6, >= 0.6.9)
      minitest (~> 4.2)
      multi_json (~> 1.3)
      thread_safe (~> 0.1)
      tzinfo (~> 0.3.37)
    allocation_stats (0.1.5)
    appraisal (2.0.1)
      activesupport (>= 3.2.21)
      bundler
      rake
      thor (>= 0.14.0)
    benchmark-ips (2.1.1)
    coveralls (0.8.1)
      json (~> 1.8)
      rest-client (>= 1.6.8, < 2)
      simplecov (~> 0.10.0)
      term-ansicolor (~> 1.3)
      thor (~> 0.19.1)
    docile (1.1.5)
    domain_name (0.5.24)
      unf (>= 0.0.5, < 1.0.0)
    http-cookie (1.0.2)
      domain_name (~> 0.5)
    i18n (0.7.0)
    json (1.8.2)
    json (1.8.2-java)
    method_source (0.8.2)
    mime-types (2.5)
    minitest (4.7.5)
    multi_json (1.11.0)
    mustache (1.0.2)
    netrc (0.10.3)
    rake (10.4.2)
    rdiscount (2.1.8)
    redcarpet (3.3.2)
    rest-client (1.8.0)
      http-cookie (>= 1.0.2, < 2.0)
      mime-types (>= 1.16, < 3.0)
      netrc (~> 0.7)
    rocco (0.8.2)
      mustache
      redcarpet
    simplecov (0.10.0)
      docile (~> 1.1.0)
      json (~> 1.8)
      simplecov-html (~> 0.10.0)
    simplecov-html (0.10.0)
    term-ansicolor (1.3.0)
      tins (~> 1.0)
    thor (0.19.1)
    thread_safe (0.3.5)
    thread_safe (0.3.5-java)
    tins (1.5.1)
    tzinfo (0.3.44)
    unf (0.1.4)
      unf_ext
    unf (0.1.4-java)
    unf_ext (0.0.7.1)

PLATFORMS
  java
  ruby

DEPENDENCIES
  activesupport
  allocation_stats
  appraisal
  benchmark-ips
  coveralls
  m!
  rdiscount
  rocco

BUNDLED WITH
   1.12.5
